GEM
  remote: https://rubygems.org/
  specs:
    activemodel (3.2.7)
      activesupport (= 3.2.7)
      builder (~> 3.0.0)
    activerecord (3.2.7)
      activemodel (= 3.2.7)
      activesupport (= 3.2.7)
      arel (~> 3.0.2)
      tzinfo (~> 0.3.29)
    activerecord-jdbc-adapter (1.2.2)
    activerecord-jdbcmysql-adapter (1.2.2)
      activerecord-jdbc-adapter (~> 1.2.2)
      jdbc-mysql (~> 5.1.0)
    activesupport (3.2.7)
      i18n (~> 0.6)
      multi_json (~> 1.0)
    arel (3.0.2)
    builder (3.0.0)
    chronic (0.7.0)
    delorean (0.2.1)
      chronic
    factory_girl (1.3.3)
    git (1.2.5)
    i18n (0.6.0)
    jdbc-mysql (5.1.13)
    jeweler (1.8.4)
      bundler (~> 1.0)
      git (>= 1.2.5)
      rake
      rdoc
    json (1.7.4)
    json (1.7.4-java)
    multi_json (1.3.6)
    mysql (2.8.1)
    mysql2 (0.3.11)
    rake (0.9.2.2)
    rdoc (3.12)
      json (~> 1.4)
    sqlite3 (1.3.6)
    sqlite3-ruby (1.3.3)
      sqlite3 (>= 1.3.3)
    tzinfo (0.3.33)

PLATFORMS
  java
  ruby

DEPENDENCIES
  activerecord (~> 3.0)
  activerecord-jdbcmysql-adapter
  delorean (~> 0.2.0)
  factory_girl (~> 1.3.3)
  jdbc-mysql
  jeweler (>= 1.4.0)
  mysql (~> 2.8.1)
  mysql2 (~> 0.3.0)
  rake
  sqlite3-ruby (~> 1.3.1)
